GIT
  remote: git://github.com/maccman/catapult.git
  revision: 911266797a94ee79cb72548bb92efb53ce9c5955
  specs:
    catapult (0.0.4)
      coffee-script (~> 2.2.0)
      listen (~> 0.7.3)
      rack (~> 1.5.2)
      rb-fsevent (~> 0.9)
      sprockets (~> 2.9.2)
      sprockets-commonjs (~> 0.0.5)
      stylus (~> 0.7.1)
      thin (~> 1.5.1)
      thor (~> 0.18.1)

GEM
  remote: https://rubygems.org/
  specs:
    chunky_png (1.2.9)
    coderay (1.0.9)
    coffee-script (2.2.0)
      coffee-script-source
      execjs
    coffee-script-source (1.6.3)
    compass (0.12.2)
      chunky_png (~> 1.2)
      fssm (>= 0.2.7)
      sass (~> 3.1)
    daemons (1.1.9)
    dotenv (0.9.0)
    em-websocket (0.5.0)
      eventmachine (>= 0.12.9)
      http_parser.rb (~> 0.5.3)
    eventmachine (1.0.3)
    execjs (2.0.2)
    foreman (0.63.0)
      dotenv (>= 0.7)
      thor (>= 0.13.6)
    formatador (0.2.4)
    fssm (0.2.10)
    guard (1.7.0)
      formatador (>= 0.2.4)
      listen (>= 0.6.0)
      lumberjack (>= 1.0.2)
      pry (>= 0.9.10)
      thor (>= 0.14.6)
    guard-livereload (1.3.0)
      em-websocket (>= 0.2.0)
      guard (>= 1.5.0)
      multi_json (~> 1.0)
    hike (1.2.3)
    http_parser.rb (0.5.3)
    json (1.8.1)
    listen (0.7.3)
    lumberjack (1.0.4)
    method_source (0.8.2)
    multi_json (1.8.2)
    pry (0.9.12.2)
      coderay (~> 1.0.5)
      method_source (~> 0.8)
      slop (~> 3.4)
    rack (1.5.2)
    rb-fsevent (0.9.3)
    sass (3.2.12)
    slop (3.4.6)
    sprockets (2.9.3)
      hike (~> 1.2)
      multi_json (~> 1.0)
      rack (~> 1.0)
      tilt (~> 1.1, != 1.3.0)
    sprockets-commonjs (0.0.6)
      sprockets (~> 2.9.2)
    stylus (0.7.2)
      execjs
      stylus-source
    stylus-source (0.38.0)
    thin (1.5.1)
      daemons (>= 1.0.9)
      eventmachine (>= 0.12.6)
      rack (>= 1.0.0)
    thor (0.18.1)
    tilt (1.4.1)
    uglifier (2.3.0)
      execjs (>= 0.3.0)
      json (>= 1.8.0)

PLATFORMS
  ruby

DEPENDENCIES
  catapult!
  compass
  foreman
  guard-livereload
  pry
  sass
  uglifier
